STORAGE: NONE
RESTRICTION: || (== net461) (== net6.0-windows7.0)
NUGET
  remote: https://api.nuget.org/v3/index.json
    ExcelDna.AddIn (1.6.0-preview1)
      ExcelDna.Integration (1.6.0-preview1)
    ExcelDna.Integration (1.6.0-preview1)
    FSharp.Core (6.0.1)
    FsToolkit.ErrorHandling (2.13)
      FSharp.Core (>= 4.7.2) - restriction: || (&& (== net461) (>= netstandard2.0)) (== net6.0-windows7.0)
    FsUnit (4.1)
      FSharp.Core (>= 5.0.2) - restriction: || (&& (== net461) (>= netstandard2.0)) (== net6.0-windows7.0)
      NETStandard.Library (>= 2.0.3) - restriction: || (&& (== net461) (>= netstandard2.0)) (== net6.0-windows7.0)
      NUnit (>= 3.13.2 < 3.14) - restriction: || (&& (== net461) (>= netstandard2.0)) (== net6.0-windows7.0)
    Microsoft.CodeCoverage (17.0)
    Microsoft.NET.Test.Sdk (17.0)
      Microsoft.CodeCoverage (>= 17.0)
      Microsoft.TestPlatform.TestHost (>= 17.0) - restriction: || (&& (== net461) (>= netcoreapp1.0)) (== net6.0-windows7.0)
    Microsoft.NETCore.Platforms (6.0.1) - restriction: || (&& (== net461) (>= netcoreapp2.0)) (&& (== net461) (>= netstandard2.0)) (== net6.0-windows7.0)
    Microsoft.TestPlatform.ObjectModel (17.0) - restriction: || (&& (== net461) (>= netcoreapp1.0)) (== net6.0-windows7.0)
      NuGet.Frameworks (>= 5.0)
      System.Reflection.Metadata (>= 1.6)
    Microsoft.TestPlatform.TestHost (17.0) - restriction: || (&& (== net461) (>= netcoreapp1.0)) (== net6.0-windows7.0)
      Microsoft.TestPlatform.ObjectModel (>= 17.0) - restriction: || (&& (== net461) (>= netcoreapp1.0)) (&& (== net461) (>= uap10.0)) (== net6.0-windows7.0)
      Newtonsoft.Json (>= 9.0.1) - restriction: || (&& (== net461) (>= netcoreapp1.0)) (&& (== net461) (>= uap10.0)) (== net6.0-windows7.0)
    NETStandard.Library (2.0.3) - restriction: || (&& (== net461) (>= netstandard2.0)) (== net6.0-windows7.0)
      Microsoft.NETCore.Platforms (>= 1.1)
    Newtonsoft.Json (13.0.1) - restriction: || (&& (== net461) (>= netcoreapp1.0)) (== net6.0-windows7.0)
    NuGet.Frameworks (6.0) - restriction: || (&& (== net461) (>= netcoreapp1.0)) (&& (== net461) (>= netcoreapp2.1)) (== net6.0-windows7.0)
    NUnit (3.13.2)
      NETStandard.Library (>= 2.0) - restriction: || (&& (== net461) (< net35) (>= netstandard2.0)) (== net6.0-windows7.0)
    NUnit3TestAdapter (4.2)
    System.Collections.Immutable (6.0) - restriction: || (&& (== net461) (>= netcoreapp1.0)) (&& (== net461) (>= netcoreapp2.1)) (== net6.0-windows7.0)
      System.Runtime.CompilerServices.Unsafe (>= 6.0)
    System.Reflection.Metadata (6.0) - restriction: || (&& (== net461) (>= netcoreapp1.0)) (&& (== net461) (>= netcoreapp2.1)) (== net6.0-windows7.0)
      System.Collections.Immutable (>= 6.0)
    System.Runtime.CompilerServices.Unsafe (6.0) - restriction: || (&& (== net461) (>= netcoreapp1.0)) (&& (== net461) (>= netcoreapp2.1)) (== net6.0-windows7.0)
    TypeShape (10.0)
      FSharp.Core (>= 4.5.4) - restriction: || (&& (== net461) (>= netstandard2.0)) (== net6.0-windows7.0)
