STORAGE: NONE
RESTRICTION: == net461
NUGET
  remote: https://api.nuget.org/v3/index.json
    ExcelDna.AddIn (1.1.1)
      ExcelDna.Integration (1.1)
    ExcelDna.Integration (1.1)
    ExcelDna.IntelliSense (1.4.2)
      ExcelDna.Integration (>= 1.1)
    FSharp.Core (5.0.1)
    FSharpPlus (1.1.7)
      FSharp.Core (>= 4.6.2)
      System.ValueTuple (>= 4.4)
    FsToolkit.ErrorHandling (2.1.2)
    FsUnit (4.0.4)
    Microsoft.CodeCoverage (16.9.1)
    Microsoft.NET.Test.Sdk (16.9.1)
      Microsoft.CodeCoverage (>= 16.9.1)
    NUnit (3.13.1)
    NUnit3TestAdapter (3.17)
    System.ValueTuple (4.5)
    TypeShape (9.0)
